PATH
  remote: .
  specs:
    prostor_sms (0.0.1)
      multi_json (>= 1.15)
      oj (>= 3.11.3)
      oj_mimic_json (>= 1.0.1)

GEM
  remote: https://rubygems.org/
  specs:
    diff-lcs (1.4.4)
    multi_json (1.15.0)
    oj (3.11.3)
    oj_mimic_json (1.0.1)
    rake (12.3.3)
    rspec (3.10.0)
      rspec-core (~> 3.10.0)
      rspec-expectations (~> 3.10.0)
      rspec-mocks (~> 3.10.0)
    rspec-core (3.10.1)
      rspec-support (~> 3.10.0)
    rspec-expectations (3.10.1)
      diff-lcs (>= 1.2.0, < 2.0)
      rspec-support (~> 3.10.0)
    rspec-mocks (3.10.2)
      diff-lcs (>= 1.2.0, < 2.0)
      rspec-support (~> 3.10.0)
    rspec-support (3.10.2)

PLATFORMS
  ruby

DEPENDENCIES
  multi_json
  oj
  oj_mimic_json
  prostor_sms!
  rake (~> 12.0)
  rspec (~> 3.0)

BUNDLED WITH
   2.1.4
